GEM
  remote: http://10.129.178.173:8082/repository/RubyGems.org/
  specs:
    debase (0.2.4.1)
      debase-ruby_core_source (>= 0.10.2)
    debase-ruby_core_source (0.10.16)
    google-protobuf (3.21.1)
    googleapis-common-protos-types (1.3.2)
      google-protobuf (~> 3.14)
    grpc (1.46.3)
      google-protobuf (~> 3.19)
      googleapis-common-protos-types (~> 1.0)
    grpc-tools (1.46.3)
    httparty (0.20.0)
      mime-types (~> 3.0)
      multi_xml (>= 0.5.2)
    json (2.6.2)
    mime-types (3.4.1)
      mime-types-data (~> 3.2015)
    mime-types-data (3.2022.0105)
    multi_xml (0.6.0)
    mustermann (1.1.1)
      ruby2_keywords (~> 0.0.1)
    nio4r (2.5.8)
    puma (5.6.4)
      nio4r (~> 2.0)
    rack (2.2.3.1)
    rack-protection (2.2.0)
      rack
    rake (13.0.6)
    ruby-debug-ide (0.7.3)
      rake (>= 0.8.1)
    ruby2_keywords (0.0.5)
    sinatra (2.2.0)
      mustermann (~> 1.0)
      rack (~> 2.2)
      rack-protection (= 2.2.0)
      tilt (~> 2.0)
    sinatra-cross_origin (0.4.0)
    tilt (2.0.10)
    tshield (0.14.0.0)
      grpc (~> 1.28, >= 1.28.0)
      grpc-tools (~> 1.28, >= 1.28.0)
      httparty (~> 0.14, >= 0.14.0)
      json (~> 2.0, >= 2.0)
      puma (>= 4.3.3, < 6.0)
      sinatra (~> 2.1, >= 2.1.0)
      sinatra-cross_origin (~> 0.4.0, >= 0.4)

PLATFORMS
  ruby

DEPENDENCIES
  debase
  ruby-debug-ide
  tshield

BUNDLED WITH
   1.17.3
